PATH
  remote: .
  specs:
    rollout (2.1.0)

GEM
  remote: https://rubygems.org/
  specs:
    bourne (1.0)
      mocha (= 0.9.8)
    diff-lcs (1.1.3)
    git (1.2.5)
    jeweler (1.6.4)
      bundler (~> 1.0)
      git (>= 1.2.5)
      rake
    mocha (0.9.8)
      rake
    rake (0.9.2.2)
    redis (4.0.1)
    rspec (2.11.0)
      rspec-core (~> 2.11.0)
      rspec-expectations (~> 2.11.0)
      rspec-mocks (~> 2.11.0)
    rspec-core (2.11.1)
    rspec-expectations (2.11.3)
      diff-lcs (~> 1.1.3)
    rspec-mocks (2.11.3)

PLATFORMS
  ruby

DEPENDENCIES
  bourne (= 1.0)
  bundler (>= 1.0.0)
  jeweler (~> 1.6.4)
  mocha (= 0.9.8)
  redis
  rollout!
  rspec (~> 2.11.0)

BUNDLED WITH
   1.15.4
